NUGET
  remote: https://www.nuget.org/api/v2
    FSharp.Collections.ParallelSeq (1.0.2) - framework: >= net46
    Unquote (3.1.1) - framework: >= net461
    xunit (2.1) - framework: >= net461
      xunit.assert (2.1)
      xunit.core (2.1)
    xunit.abstractions (2.0) - framework: >= net461
    xunit.assert (2.1) - framework: >= net461
    xunit.core (2.1) - framework: >= net461
      xunit.extensibility.core (2.1) - framework: >= net45, dnx451, dnxcore50, monoandroid, monotouch, portable-net45+win80+wp80+wpa81, xamarinios, winv4.5, wpv8.0, wpav8.1
      xunit.extensibility.execution (2.1) - framework: >= net45, dnx451, dnxcore50, monoandroid, monotouch, portable-net45+win80+wp80+wpa81, xamarinios, winv4.5, wpv8.0, wpav8.1
    xunit.extensibility.core (2.1) - framework: >= net461
      xunit.abstractions (2.0)
    xunit.extensibility.execution (2.1) - framework: >= net461
      xunit.extensibility.core (2.1) - framework: >= net45, dnx451, dnxcore50, monoandroid, monotouch, xamarinios, winv4.5, wpv8.0, wpav8.1
    xunit.runner.visualstudio (2.1) - framework: >= net461
